PATH
  remote: .
  specs:
    pesto (0.0.15)
      connection_pool (~> 2.2)
      redis (~> 4.1)

GEM
  remote: https://rubygems.org/
  specs:
    connection_pool (2.2.2)
    diff-lcs (1.3)
    docile (1.3.1)
    fakeredis (0.1.4)
    json (2.2.0)
    redis (4.1.0)
    rspec (3.8.0)
      rspec-core (~> 3.8.0)
      rspec-expectations (~> 3.8.0)
      rspec-mocks (~> 3.8.0)
    rspec-core (3.8.0)
      rspec-support (~> 3.8.0)
    rspec-expectations (3.8.2)
      diff-lcs (>= 1.2.0, < 2.0)
      rspec-support (~> 3.8.0)
    rspec-mocks (3.8.0)
      diff-lcs (>= 1.2.0, < 2.0)
      rspec-support (~> 3.8.0)
    rspec-support (3.8.0)
    simplecov (0.16.1)
      docile (~> 1.1)
      json (>= 1.8, < 3)
      simplecov-html (~> 0.10.0)
    simplecov-html (0.10.2)

PLATFORMS
  ruby

DEPENDENCIES
  fakeredis (~> 0.1.4)
  pesto!
  rspec (~> 3.8)
  simplecov (~> 0.16)

BUNDLED WITH
   1.16.1
