PATH
  remote: .
  specs:
    pesto (0.0.13)
      connection_pool (~> 2.2)
      redis (~> 4.0.1)

GEM
  remote: https://rubygems.org/
  specs:
    connection_pool (2.2.1)
    diff-lcs (1.3)
    docile (1.1.5)
    fakeredis (0.1.4)
    json (2.1.0)
    redis (4.0.1)
    rspec (3.6.0)
      rspec-core (~> 3.6.0)
      rspec-expectations (~> 3.6.0)
      rspec-mocks (~> 3.6.0)
    rspec-core (3.6.0)
      rspec-support (~> 3.6.0)
    rspec-expectations (3.6.0)
      diff-lcs (>= 1.2.0, < 2.0)
      rspec-support (~> 3.6.0)
    rspec-mocks (3.6.0)
      diff-lcs (>= 1.2.0, < 2.0)
      rspec-support (~> 3.6.0)
    rspec-support (3.6.0)
    simplecov (0.14.1)
      docile (~> 1.1.0)
      json (>= 1.8, < 3)
      simplecov-html (~> 0.10.0)
    simplecov-html (0.10.1)

PLATFORMS
  ruby

DEPENDENCIES
  fakeredis (~> 0.1.4)
  pesto!
  rspec (~> 3.6)
  simplecov (~> 0.14)

BUNDLED WITH
   1.16.1
